PATH
  remote: ..
  specs:
    omniauth-mendeley_oauth2 (1.0.1)
      multi_json
      omniauth (~> 1.0)
      omniauth-oauth2 (~> 1.1)

GEM
  remote: https://rubygems.org/
  specs:
    daemons (1.3.1)
    dotenv (2.6.0)
    eventmachine (1.2.7)
    faraday (0.15.4)
      multipart-post (>= 1.2, < 3)
    hashie (3.6.0)
    jwt (2.1.0)
    multi_json (1.13.1)
    multi_xml (0.6.0)
    multipart-post (2.0.0)
    mustermann (1.0.3)
    oauth2 (1.4.1)
      faraday (>= 0.8, < 0.16.0)
      jwt (>= 1.0, < 3.0)
      multi_json (~> 1.3)
      multi_xml (~> 0.5)
      rack (>= 1.2, < 3)
    omniauth (1.9.0)
      hashie (>= 3.4.6, < 3.7.0)
      rack (>= 1.6.2, < 3)
    omniauth-oauth2 (1.6.0)
      oauth2 (~> 1.1)
      omniauth (~> 1.9)
    rack (2.0.6)
    rack-protection (2.0.5)
      rack
    shotgun (0.9.2)
      rack (>= 1.0)
    sinatra (2.0.5)
      mustermann (~> 1.0)
      rack (~> 2.0)
      rack-protection (= 2.0.5)
      tilt (~> 2.0)
    thin (1.7.2)
      daemons (~> 1.0, >= 1.0.9)
      eventmachine (~> 1.0, >= 1.0.4)
      rack (>= 1, < 3)
    tilt (2.0.9)

PLATFORMS
  ruby

DEPENDENCIES
  dotenv (~> 2.6.0)
  omniauth-mendeley_oauth2!
  shotgun (~> 0.9.2)
  sinatra (~> 2.0.5)
  thin (~> 1.7.2)

BUNDLED WITH
   1.16.1
